##TITLE= Parameter file, TOPSPIN		Version 3.2
##JCAMPDX= 5.0
##DATATYPE= Parameter Values
##NPOINTS= 1376	$$ modification sequence number
##ORIGIN= Bruker BioSpin GmbH
##OWNER= nmrsu
$$ 2015-08-26 14:07:40.609 +0900  guest@nmr700
$$ /opt/topspin3.2/conf/instr/spect/specpar
$$ process /opt/topspin3.2/prog/mod/cprserver
##$ANCIEN= (0..7)
0 0 0 0 0 0 0 0
##$BF1= 100.13
##$BF2= 100.13
##$BF3= 100.13
##$DEC= 1
##$DECB= 1
##$DEF19F= yes
##$DEFRSEL= yes
##$HPMOD= (0..7)
0 0 0 0 0 0 0 0
##$HPPRECH= (0..15)
-1 -1 -1 -1 -1 -1 -1 -1 -1 -1 -1 -1 -1 -1 -1 -1
##$LOCSW19F= -1
##$LOCSW2H= -1
##$NUC1= 1
##$NUC2= 1
##$NUC3= 0
##$NUC4= 0
##$NUC5= 0
##$NUC6= 0
##$NUC7= 0
##$NUC8= 0
##$NUCARR= (0..123)
700.4 700.4 107.515664 747.074474 533.560777 103.071466 272.202034 98.418898
75.248581 224.716154 176.11572 50.596091 70.970916 94.949425 659.034453
55.291649 185.269108 42.875932 182.50224 139.149778 283.527117 53.762704
68.624555 57.122698 32.683276 17.93938 47.137123 170.139396 39.485288 39.495815
69.832044 184.225848 39.590082 173.623683 22.677397 166.184426 62.588101
185.714373 198.939466 43.822648 168.105483 213.598915 24.432158 119.926788
133.576877 36.544925 175.478076 189.153652 26.94859 67.623221 229.17406
30.354089 34.320987 65.111271 171.431095 45.64455 46.60248 157.648315 32.254478
36.150228 22.317875 32.051004 28.350924 32.593345 148.593222 155.440998
153.147748 153.476054 229.162118 249.568342 261.183587 167.609761 90.766356
183.292873 220.974582 140.132432 194.782543 57.740423 91.865459 69.580937
77.834948 92.412877 98.93599 214.46248 38.1718 23.53344 29.20668 24.09376
174.11944 76.90392 21.50228 28.22612 168.37616 24.09376 33.75928 149.46536
20.17152 58.06316 122.565139 33.766284 79.873616 56.949524 28.065028 17.629068
83.975158 29.181375 157.762298 159.352206 15.985446 54.388862 12.032872
13.104484 150.563475 12.109916 125.447397 46.307527 400.090893 404.017601
146.527875 112.549293 12.897166 100 100 100
##$OBS= 1
##$OFFSF= (0..7)
0 0 0 0 0 0 0 0
##$OFFSH= (0..7)
3291.900000022 3292.50000004322 0 0 0 0 0 0
##$OFFSX= (0..7)
8717.79999999944 8232.59999999948 0 0 0 0 0 0
##$OFFSXAS= (0..7)
0 0 0 0 0 0 0 0
##$OFSF1= 0
##$OFSF2= 0
##$OFSH1= 0
##$OFSH2= 0
##$OFSH3= 0
##$OFSX1= 0
##$OFSX2= 0
##$OFSY= 0
##$PACOIL= (0..15)
0 0 0 0 0 0 0 0 0 0 0 0 0 0 0 0
##$PRECHAN= (0..15)
-1 4 0 1 5 -1 -1 -1 -1 -1 -1 -1 -1 -1 -1 -1
##$RECPRE= (0..15)
-1 0 -1 -1 -1 -1 -1 -1 -1 -1 -1 -1 -1 -1 -1 -1
##$RECSEL= (0..15)
0 0 0 0 1 0 0 0 0 0 0 0 0 0 0 0
##$SELREC= (0..9)
0 0 0 0 0 0 0 0 0 0
##$SFO1= 700.403292
##$SFO2= 700.403292
##$SFO3= 700.403292
##$SFO4= 700.403292
##$SFO5= 700.403292
##$SFO6= 700.403292
##$SFO7= 700.403292
##$SFO8= 700.403292
##$TY= (0..123)
0 0 0 0 0 0 0 0 0 0 0 0 0 0 0 0 0 0 0 0 0 0 0 0 0 0 0 0 0 0 0 0 0 0 0 0
0 0 0 0 0 0 0 0 0 0 0 0 0 0 0 0 0 0 0 0 0 0 0 0 0 0 0 0 0 0 0 0 0 0 0 0
0 0 0 0 0 0 0 0 0 0 0 0 0 0 0 0 0 0 0 0 0 0 0 0 0 0 0 0 0 0 0 0 0 0 0 0
0 0 0 0 0 0 0 0 0 0 0 0 0 0 0 0
##END=
